GEM
  remote: https://rubygems.org/
  specs:
    dotenv (2.8.1)
    pkg-config (1.5.6)
    rmagick (5.3.0)
      pkg-config (~> 1.4)

PLATFORMS
  x86_64-linux

DEPENDENCIES
  dotenv
  rmagick

BUNDLED WITH
   2.4.10
